GEM
  specs:
    Platform (0.4.0)
    actionmailer (3.2.17)
      actionpack (= 3.2.17)
      mail (~> 2.5.4)
    actionpack (3.2.17)
      activemodel (= 3.2.17)
      activesupport (= 3.2.17)
      builder (~> 3.0.0)
      erubis (~> 2.7.0)
      journey (~> 1.0.4)
      rack (~> 1.4.5)
      rack-cache (~> 1.2)
      rack-test (~> 0.6.1)
      sprockets (~> 2.2.1)
    actionwebservice (3.1.0)
      actionpack (>= 3.1)
      activerecord (>= 3.1)
      activesupport (>= 3.1)
    activemodel (3.2.17)
      activesupport (= 3.2.17)
      builder (~> 3.0.0)
    activerecord (3.2.17)
      activemodel (= 3.2.17)
      activesupport (= 3.2.17)
      arel (~> 3.0.2)
      tzinfo (~> 0.3.29)
    activeresource (3.2.17)
      activemodel (= 3.2.17)
      activesupport (= 3.2.17)
    activesupport (3.2.17)
      i18n (~> 0.6, >= 0.6.4)
      multi_json (~> 1.0)
    acts_as_list (0.1.9)
    acts_as_tree (0.1.1)
    akami (1.2.0)
      gyoku (>= 0.4.0)
      nokogiri (>= 1.4.0)
    american_date (1.0.0)
    amq-protocol (1.9.2)
    ancestry (1.2.5)
      activerecord (>= 2.2.2)
    arel (3.0.2)
      bigdecimal
    awesome_spawn (1.1.1)
    aws-sdk (1.11.3)
      json (~> 1.4)
      nokogiri (< 1.6.0)
      uuidtools (~> 2.1)
    bcrypt-ruby (3.0.1)
    bigdecimal (1.1.0)
    binary_struct (1.0.1)
    builder (3.0.0)
    bunny (1.0.7)
      amq-protocol (>= 1.9.2)
    color (1.4.1)
    daemons (1.1.9)
    dalli (2.2.1)
    default_value_for (1.0.7)
    diff-lcs (1.1.3)
    elif (0.1.0)
    erubis (2.7.0)
    eventmachine (1.0.0)
    excon (0.31.0)
    ezcrypto (0.7)
    facade (1.0.5)
    ffi (1.3.1)
    fog (1.19.0)
      builder
      excon (~> 0.31.0)
      formatador (~> 0.2.0)
      mime-types
      multi_json (~> 1.0)
      net-scp (~> 1.1)
      net-ssh (>= 2.1.3)
      nokogiri (~> 1.5)
      ruby-hmac
    formatador (0.2.4)
    gyoku (0.4.6)
      builder (>= 2.1.2)
    haml (4.0.3)
      tilt
    haml-rails (0.4)
      actionpack (>= 3.1, < 4.1)
      activesupport (>= 3.1, < 4.1)
      haml (>= 3.1, < 4.1)
      railties (>= 3.1, < 4.1)
    handsoap (0.2.5)
      nokogiri (>= 1.2.3)
    highline (1.6.19)
    hike (1.2.1)
    hoe (2.12.3)
      rake (>= 0.8)
    httpclient (2.2.7)
    httpi (1.1.1)
      rack
    i18n (0.6.9)
    inifile (2.0.2)
    io-extra (1.2.6)
    journey (1.0.4)
    json (1.8.0)
    linux_admin (0.8.1)
      activesupport (> 3.2)
      awesome_spawn (~> 1.1.0)
      inifile (~> 2.0.2)
      more_core_extensions (~> 1.1)
      nokogiri
    little-plugger (1.1.3)
    log4r (1.1.8)
    logging (1.6.2)
      little-plugger (>= 1.1.3)
    mail (2.5.3)
      i18n (>= 0.4.0)
      mime-types (~> 1.16)
      treetop (~> 1.4.8)
    mime-types (1.20.1)
    minitest (3.2.0)
    more_core_extensions (1.2.0)
      activesupport (> 3.2)
    multi_json (1.7.7)
    net-ldap (0.2.20110317223538)
    net-ping (1.5.3)
      ffi (>= 1.0.0)
      net-ldap (~> 0.2.2)
    net-scp (1.1.2)
      net-ssh (>= 2.6.5)
    net-sftp (2.0.5)
      net-ssh (>= 2.0.9)
    net-ssh (2.6.5)
    netrc (0.7.7)
    nokogiri (1.5.6)
    nori (1.1.4)
    open4 (1.3.0)
    ovirt_metrics (1.0.1)
      activerecord (~> 3.2.0)
    parallel (0.5.21)
    pdf-writer (1.1.8)
      color (>= 1.4.0)
      transaction-simple (~> 1.3)
    pg (0.12.2)
    polyglot (0.3.3)
    prototype-rails (3.2.1)
      rails (~> 3.2)
    qpid_messaging (0.20.2)
    rack (1.4.5)
    rack-cache (1.2)
      rack (>= 0.4)
    rack-ssl (1.3.2)
      rack
    rack-test (0.6.2)
      rack (>= 1.0)
    rails (3.2.17)
      actionmailer (= 3.2.17)
      actionpack (= 3.2.17)
      activerecord (= 3.2.17)
      activeresource (= 3.2.17)
      activesupport (= 3.2.17)
      bundler (~> 1.0)
      railties (= 3.2.17)
    railties (3.2.17)
      actionpack (= 3.2.17)
      activesupport (= 3.2.17)
      rack-ssl (~> 1.3.2)
      rake (>= 0.8.7)
      rdoc (~> 3.4)
      thor (>= 0.14.6, < 2.0)
    rake (10.1.0)
    rdoc (3.12.2)
      json (~> 1.4)
    rest-client (1.6.7)
      mime-types (>= 1.16)
      netrc
    rspec (2.12.0)
      rspec-core (~> 2.12.0)
      rspec-expectations (~> 2.12.0)
      rspec-mocks (~> 2.12.0)
    rspec-core (2.12.2)
    rspec-expectations (2.12.1)
      diff-lcs (~> 1.1.3)
    rspec-fire (1.3.0)
      rspec (>= 2.11, < 4)
    rspec-mocks (2.12.1)
    ruby-hmac (0.4.0)
    ruby-plsql (0.4.1)
    ruby-progressbar (0.0.10)
    rubyrep (1.2.0)
      activerecord (>= 3.0.5)
      activesupport (>= 3.0.5)
    rubywbem (0.1.0)
      nokogiri (~> 1.5.0)
    rubyzip (0.9.5)
    rufus-lru (1.0.5)
    rufus-scheduler (2.0.19)
      tzinfo (>= 0.3.23)
    ruport (1.7.0)
      pdf-writer (= 1.1.8)
    savon (1.1.0)
      akami (~> 1.2.0)
      builder (>= 2.1.2)
      gyoku (~> 0.4.5)
      httpi (~> 1.1.0)
      nokogiri (>= 1.4.0)
      nori (~> 1.1.0)
      wasabi (~> 2.5.0)
    simple-rss (1.2.3)
    snmp (1.1.0)
    soap4r (1.6.0)
      httpclient (>= 2.1.5.2)
    sprockets (2.2.2)
      hike (~> 1.2)
      multi_json (~> 1.0)
      rack (~> 1.0)
      tilt (~> 1.1, != 1.3.0)
    state_machine (1.1.2)
    thin (1.3.1)
      daemons (>= 1.0.9)
      eventmachine (>= 0.12.6)
      rack (>= 1.0.0)
    thor (0.18.1)
    tilt (1.3.3)
    timecop (0.5.3)
    transaction-simple (1.4.0)
      hoe (>= 1.1.7)
    treetop (1.4.10)
      polyglot
      polyglot (>= 0.3.1)
    trollop (1.16.2)
    tzinfo (0.3.33)
    uuidtools (2.1.3)
    wasabi (2.5.1)
      httpi (~> 1.0)
      nokogiri (>= 1.4.0)
    xml-simple (1.0.12)
    ziya (2.3.0)

PLATFORMS
  ruby

DEPENDENCIES
  Platform (= 0.4.0)
  actionwebservice (= 3.1.0)
  activerecord (= 3.2.17)
  activesupport (= 3.2.17)
  acts_as_list (~> 0.1.4)
  acts_as_tree (~> 0.1.1)
  american_date
  ancestry (~> 1.2.4)
  awesome_spawn (~> 1.1.0)
  aws-sdk (~> 1.11.3)
  bcrypt-ruby (~> 3.0.1)
  binary_struct (~> 1.0.1)
  bundler (~> 1.3.5)
  bunny (~> 1.0.4)
  dalli (~> 2.2.1)
  default_value_for (~> 1.0.7)
  elif (= 0.1.0)
  excon (~> 0.25.0)
  ezcrypto (= 0.7)
  facade (~> 1.0.5)
  fog (~> 1.19.0)
  haml-rails (~> 0.4)
  handsoap (~> 0.2.5)
  highline (~> 1.6.9)
  httpclient (~> 2.2.4)
  inifile (~> 2.0.2)
  io-extra (= 1.2.6)
  linux_admin (~> 0.8.1)
  log4r (= 1.1.8)
  logging (~> 1.6.1)
  minitest
  more_core_extensions (~> 1.2.0)
  net-ldap (= 0.2.20110317223538)
  net-ping (~> 1.5.3)
  net-sftp (~> 2.0.5)
  net-ssh (~> 2.6.5)
  nokogiri (~> 1.5.0)
  open4 (~> 1.3.0)
  ovirt_metrics (~> 1.0.1)
  parallel (~> 0.5.21)
  pg (~> 0.12.2)
  prototype-rails (~> 3.2.1)
  qpid_messaging (~> 0.20)
  rack (~> 1.4.1)
  rails (= 3.2.17)
  rake (~> 10.1.0)
  rest-client (~> 1.6.7)
  rspec (~> 2.12.0)
  rspec-fire (~> 1.3.0)
  ruby-plsql (= 0.4.1)
  ruby-progressbar (~> 0.0.10)
  rubyrep (= 1.2.0)
  rubywbem (= 0.1.0)
  rubyzip (= 0.9.5)
  rufus-lru (~> 1.0.3)
  rufus-scheduler (~> 2.0.19)
  ruport (= 1.7.0)
  savon (~> 1.1.0)
  simple-rss (= 1.2.3)
  snmp (~> 1.1.0)
  soap4r (= 1.6.0)
  state_machine (~> 1.1.2)
  thin (~> 1.3.1)
  timecop (~> 0.5.3)
  trollop (~> 1.16.2)
  uuidtools (~> 2.1.3)
  xml-simple (= 1.0.12)
  ziya (= 2.3.0)
